GEM
  remote: http://rubygems.org/
  specs:
    dropbox-sdk (1.2)
      json
    git (1.2.5)
    jeweler (1.6.4)
      bundler (~> 1.0)
      git (>= 1.2.5)
      rake
    json (1.6.5)
    rake (0.9.2.2)
    rdoc (3.12)
      json (~> 1.4)
    term-ansicolor (1.0.7)

PLATFORMS
  ruby

DEPENDENCIES
  bundler (~> 1.1.3)
  dropbox-sdk
  jeweler (~> 1.6.4)
  rdoc
  term-ansicolor
